GEM
  remote: https://rubygems.org/
  specs:
    backports (3.3.4)
    faraday (0.8.8)
      multipart-post (~> 1.2.0)
    gabba (1.0.1)
    hashie (2.0.5)
    json_pure (1.8.0)
    multi_json (1.8.0)
    multipart-post (1.2.0)
    ohanakapa (1.0.0)
      sawyer (~> 0.3.0)
    rack (1.5.2)
    rack-protection (1.5.0)
      rack
    rack-test (0.6.2)
      rack (>= 1.0)
    sawyer (0.3.0)
      faraday (~> 0.8, < 0.10)
      uri_template (~> 0.5.0)
    sinatra (1.4.3)
      rack (~> 1.4)
      rack-protection (~> 1.4)
      tilt (~> 1.3, >= 1.3.4)
    sinatra-contrib (1.4.1)
      backports (>= 2.0)
      multi_json
      rack-protection
      rack-test
      sinatra (~> 1.4.0)
      tilt (~> 1.3)
    sinatra-reloader (1.0)
      sinatra-contrib
    tilt (1.4.1)
    tropo-webapi-ruby (0.1.11)
      hashie (>= 0.2.0)
      json_pure (>= 1.2.0)
    uri_template (0.5.3)

PLATFORMS
  ruby

DEPENDENCIES
  gabba
  ohanakapa (~> 1.0)
  sinatra
  sinatra-contrib
  sinatra-reloader
  tropo-webapi-ruby
